PATH
  remote: .
  specs:
    athens (0.4.1)
      aws-sdk-athena (~> 1)
      aws-sdk-core (~> 3.172.0)
      multi_json (~> 1.0)

GEM
  remote: https://rubygems.org/
  specs:
    aws-eventstream (1.2.0)
    aws-partitions (1.764.0)
    aws-sdk-athena (1.66.0)
      aws-sdk-core (~> 3, >= 3.165.0)
      aws-sigv4 (~> 1.1)
    aws-sdk-core (3.172.0)
      aws-eventstream (~> 1, >= 1.0.2)
      aws-partitions (~> 1, >= 1.651.0)
      aws-sigv4 (~> 1.5)
      jmespath (~> 1, >= 1.6.1)
    aws-sigv4 (1.5.2)
      aws-eventstream (~> 1, >= 1.0.2)
    jmespath (1.6.2)
    multi_json (1.15.0)
    rake (13.0.6)
    rexml (3.2.5)

PLATFORMS
  ruby

DEPENDENCIES
  athens!
  bundler (>= 1.17)
  rake (~> 13.0)
  rexml (~> 3.2)

BUNDLED WITH
   2.2.5
